GEM
  remote: https://rubygems.org/
  specs:
    byebug (3.5.1)
      columnize (~> 0.8)
      debugger-linecache (~> 1.2)
      slop (~> 3.6)
    childprocess (0.5.5)
      ffi (~> 1.0, >= 1.0.11)
    columnize (0.9.0)
    debugger-linecache (1.2.0)
    ffi (1.9.6)
    headless (1.0.2)
    mini_portile (0.6.2)
    multi_json (1.10.1)
    nokogiri (1.6.6.2)
      mini_portile (~> 0.6.0)
    rubyzip (1.1.7)
    selenium-webdriver (2.44.0)
      childprocess (~> 0.5)
      multi_json (~> 1.0)
      rubyzip (~> 1.0)
      websocket (~> 1.0)
    slop (3.6.0)
    watir-webdriver (0.6.11)
      selenium-webdriver (>= 2.18.0)
    websocket (1.2.1)

PLATFORMS
  ruby

DEPENDENCIES
  byebug
  headless
  nokogiri
  watir-webdriver
